GEM
  remote: https://rubygems.org/
  specs:
    actionview (6.0.2.1)
      activesupport (= 6.0.2.1)
      builder (~> 3.1)
      erubi (~> 1.4)
      rails-dom-testing (~> 2.0)
      rails-html-sanitizer (~> 1.1, >= 1.2.0)
    activemodel (6.0.2.1)
      activesupport (= 6.0.2.1)
    activerecord (6.0.2.1)
      activemodel (= 6.0.2.1)
      activesupport (= 6.0.2.1)
    activesupport (6.0.2.1)
      concurrent-ruby (~> 1.0, >= 1.0.2)
      i18n (>= 0.7, < 2)
      minitest (~> 5.1)
      tzinfo (~> 1.1)
      zeitwerk (~> 2.2)
    addressable (2.7.0)
      public_suffix (>= 2.0.2, < 5.0)
    backports (3.15.0)
    bcrypt (3.1.13)
    builder (3.2.4)
    chronic (0.10.2)
    cms_scanner (0.8.1)
      get_process_mem (~> 0.2.0)
      nokogiri (~> 1.10.4)
      opt_parse_validator (~> 1.8.1)
      public_suffix (>= 3.0, < 4.1)
      ruby-progressbar (>= 1.9.0)
      typhoeus (~> 1.3.0)
      xmlrpc (~> 0.3)
      yajl-ruby (>= 1.3.1)
    coderay (1.1.2)
    concurrent-ruby (1.1.5)
    connection_pool (2.2.3)
    crass (1.0.6)
    csvjson (1.0.1)
    csvreader (1.2.4)
      csvjson (>= 1.0.0)
      csvyaml (>= 0.1.0)
      tabreader (>= 1.0.1)
    csvyaml (1.0.0)
    daemons (1.3.1)
    domain_name (0.5.20190701)
      unf (>= 0.0.5, < 1.0.0)
    dry-configurable (0.9.0)
      concurrent-ruby (~> 1.0)
      dry-core (~> 0.4, >= 0.4.7)
    dry-container (0.7.2)
      concurrent-ruby (~> 1.0)
      dry-configurable (~> 0.1, >= 0.1.3)
    dry-core (0.4.9)
      concurrent-ruby (~> 1.0)
    dry-equalizer (0.3.0)
    dry-inflector (0.2.0)
    dry-logic (1.0.5)
      concurrent-ruby (~> 1.0)
      dry-core (~> 0.2)
      dry-equalizer (~> 0.2)
    dry-types (1.2.2)
      concurrent-ruby (~> 1.0)
      dry-container (~> 0.3)
      dry-core (~> 0.4, >= 0.4.4)
      dry-equalizer (~> 0.3)
      dry-inflector (~> 0.1, >= 0.1.2)
      dry-logic (~> 1.0, >= 1.0.2)
    em-websocket (0.3.8)
      addressable (>= 2.1.1)
      eventmachine (>= 0.12.9)
    erubi (1.9.0)
    erubis (2.7.0)
    ethon (0.12.0)
      ffi (>= 1.3.0)
    eventmachine (1.0.9.1)
    faye-websocket (0.10.9)
      eventmachine (>= 0.12.0)
      websocket-driver (>= 0.5.1)
    ffi (1.12.1)
    filelock (1.1.1)
    gastly (1.0.1)
      mini_magick (~> 4.2)
      phantomjs (~> 2.1.1)
    get_process_mem (0.2.5)
      ffi (~> 1.0)
    grape (1.3.0)
      activesupport
      builder
      dry-types (>= 1.1)
      mustermann-grape (~> 1.0.0)
      rack (>= 1.3.0)
      rack-accept
    haml (5.1.2)
      temple (>= 0.8.0)
      tilt
    http-cookie (1.0.3)
      domain_name (~> 0.5)
    i18n (1.8.2)
      concurrent-ruby (~> 1.0)
    loofah (2.4.0)
      crass (~> 1.0.2)
      nokogiri (>= 1.5.9)
    mechanize (2.7.7)
      domain_name (~> 0.5, >= 0.5.1)
      http-cookie (~> 1.0)
      mime-types (>= 1.17.2)
      net-http-digest_auth (~> 1.1, >= 1.1.1)
      net-http-persistent (>= 2.5.2)
      nokogiri (~> 1.6)
      ntlm-http (~> 0.1, >= 0.1.1)
      webrick (~> 1.7)
      webrobots (>= 0.0.9, < 0.2)
    method_source (0.9.2)
    mime-types (3.3.1)
      mime-types-data (~> 3.2015)
    mime-types-data (3.2020.1104)
    mini_magick (4.10.1)
    mini_portile2 (2.4.0)
    minitest (5.14.0)
    mono_logger (1.1.0)
    multi_json (1.14.1)
    mustermann (1.1.1)
      ruby2_keywords (~> 0.0.1)
    mustermann-grape (1.0.1)
      mustermann (>= 1.0.0)
    net-http-digest_auth (1.4.1)
    net-http-persistent (4.0.1)
      connection_pool (~> 2.2)
    nmap-parser (0.3.5)
    nokogiri (1.10.10)
      mini_portile2 (~> 2.4.0)
    ntlm-http (0.1.1)
    opt_parse_validator (1.8.1)
      activesupport (> 4.2, < 6.1.0)
      addressable (>= 2.5, < 2.8)
    pg (1.2.2)
    phantomjs (2.1.1.0)
    pry (0.12.2)
      coderay (~> 1.1.0)
      method_source (~> 0.9.0)
    public_suffix (4.0.3)
    rack (2.1.1)
    rack-accept (0.4.5)
      rack (>= 0.4)
    rack-protection (2.0.8.1)
      rack
    rails-dom-testing (2.0.3)
      activesupport (>= 4.2.0)
      nokogiri (>= 1.6)
    rails-html-sanitizer (1.3.0)
      loofah (~> 2.3)
    redis (4.1.3)
    redis-namespace (1.7.0)
      redis (>= 3.0.4)
    resque (2.0.0)
      mono_logger (~> 1.0)
      multi_json (~> 1.0)
      redis-namespace (~> 1.6)
      sinatra (>= 0.9.2)
      vegas (~> 0.1.2)
    resque-backtrace (0.0.2)
      resque (>= 1.0)
    ruby-progressbar (1.10.1)
    ruby-vnc (1.1.0)
    ruby2_keywords (0.0.2)
    sinatra (2.0.8.1)
      mustermann (~> 1.0)
      rack (~> 2.0)
      rack-protection (= 2.0.8.1)
      tilt (~> 2.0)
    sinatra-contrib (2.0.8.1)
      backports (>= 2.8.2)
      multi_json
      mustermann (~> 1.0)
      rack-protection (= 2.0.8.1)
      sinatra (= 2.0.8.1)
      tilt (~> 2.0)
    sqlite3 (1.4.2)
    tabreader (1.0.1)
    temple (0.8.2)
    textacular (5.2.0)
      activerecord (>= 5.0, < 6.1)
    thin (1.7.2)
      daemons (~> 1.0, >= 1.0.9)
      eventmachine (~> 1.0, >= 1.0.4)
      rack (>= 1, < 3)
    thread_safe (0.3.6)
    tilt (2.0.10)
    typhoeus (1.3.1)
      ethon (>= 0.9.0)
    tzinfo (1.2.6)
      thread_safe (~> 0.1)
    unf (0.1.4)
      unf_ext
    unf_ext (0.0.7.7)
    vegas (0.1.11)
      rack (>= 1.0.0)
    webrick (1.7.0)
    webrobots (0.1.2)
    websocket-driver (0.7.1)
      websocket-extensions (>= 0.1.0)
    websocket-extensions (0.1.4)
    websocket-rack (0.4.0)
      em-websocket (~> 0.3.6)
      eventmachine (~> 1.0.0.beta.4)
      rack
      thin
    whenever (1.0.0)
      chronic (>= 0.6.3)
    wpscan (3.7.7)
      cms_scanner (~> 0.8.1)
    xmlrpc (0.3.0)
    yajl-ruby (1.4.1)
    zeitwerk (2.2.2)

PLATFORMS
  ruby

DEPENDENCIES
  actionview!
  activerecord!
  addressable!
  bcrypt!
  csvreader!
  em-websocket!
  erubis!
  faye-websocket!
  filelock!
  gastly!
  grape!
  haml!
  mechanize!
  nmap-parser!
  pg!
  pry!
  rack!
  resque!
  resque-backtrace!
  ruby-vnc!
  sinatra!
  sinatra-contrib!
  sqlite3!
  textacular!
  thin!
  websocket-rack!
  whenever!
  wpscan!

BUNDLED WITH
   2.0.1
